GEM
  remote: https://rubygems.org/
  specs:
    aruba (1.0.4)
      childprocess (>= 2.0, < 5.0)
      contracts (~> 0.16.0)
      cucumber (>= 2.4, < 6.0)
      rspec-expectations (~> 3.4)
      thor (~> 1.0)
    backports (3.24.1)
    builder (3.2.4)
    childprocess (4.1.0)
    contracts (0.16.1)
    cucumber (3.1.2)
      builder (>= 2.1.2)
      cucumber-core (~> 3.2.0)
      cucumber-expressions (~> 6.0.1)
      cucumber-wire (~> 0.0.1)
      diff-lcs (~> 1.3)
      gherkin (~> 5.1.0)
      multi_json (>= 1.7.5, < 2.0)
      multi_test (>= 0.1.2)
    cucumber-core (3.2.1)
      backports (>= 3.8.0)
      cucumber-tag_expressions (~> 1.1.0)
      gherkin (~> 5.0)
    cucumber-expressions (6.0.1)
    cucumber-tag_expressions (1.1.1)
    cucumber-wire (0.0.1)
    diff-lcs (1.5.0)
    gherkin (5.1.0)
    multi_json (1.15.0)
    multi_test (1.1.0)
    mustermann (3.0.0)
      ruby2_keywords (~> 0.0.1)
    rack (2.2.8.1)
    rack-protection (3.1.0)
      rack (~> 2.2, >= 2.2.4)
    rspec-expectations (3.12.3)
      diff-lcs (>= 1.2.0, < 2.0)
      rspec-support (~> 3.12.0)
    rspec-support (3.12.1)
    ruby2_keywords (0.0.5)
    sinatra (3.1.0)
      mustermann (~> 3.0)
      rack (~> 2.2, >= 2.2.4)
      rack-protection (= 3.1.0)
      tilt (~> 2.0)
    thor (1.2.2)
    tilt (2.3.0)

PLATFORMS
  java
  ruby

DEPENDENCIES
  aruba (~> 1.0.4)
  cucumber (~> 3.1.2)
  sinatra

BUNDLED WITH
   1.17.2
